{
    "Modality": "MR",
    "MagneticFieldStrength": 3,
    "ImagingFrequency": 127.72524,
    "Manufacturer": "GE",
    "ManufacturersModelName": "DISCOVERY MR750",
    "BodyPartExamined": "BRAIN",
    "PatientPosition": "HFS",
    "ProcedureStepDescription": "MRI Procedure LimitedSPGR",
    "SoftwareVersions": "27\\LX\\MR Software release:DV26.0_R01_1725.a",
    "MRAcquisitionType": "3D",
    "SeriesDescription": "Anat T1w MP-RAGE 1mm",
    "ProtocolName": "MAP_ME Rest3+TAU2 (2016.",
    "ScanningSequence": "RM",
    "SequenceVariant": "NONE",
    "ScanOptions": "EDR_GEMS\\FILTERED_GEMS\\ACC_GEMS\\IR_GEMS",
    "PulseSequenceName": "mprage",
    "ImageType": [
        "ORIGINAL",
        "PRIMARY",
        "OTHER"
    ],
    "SeriesNumber": 10,
    "AcquisitionTime": "13:54:37",
    "AcquisitionNumber": 1,
    "SliceThickness": 1,
    "SpacingBetweenSlices": 1,
    "SAR": 0.0545819,
    "EchoTime": 0.003436,
    "RepetitionTime": 0.0077,
    "InversionTime": 0.9,
    "FlipAngle": 7,
    "ShimSetting": [
        1,
        3,
        -31
    ],
    "PrescanReuseString": "TG/s2,CF/s6,AS/s6,RN/s1",
    "CoilString": "32Ch Head",
    "PercentPhaseFOV": 100,
    "PercentSampling": 100,
    "AcquisitionMatrixPE": 256,
    "ReconMatrixPE": 256,
    "ParallelReductionFactorInPlane": 2,
    "PixelBandwidth": 195.312,
    "ImageOrientationPatientDICOM": [
        0,
        1,
        0,
        0,
        0,
        -1
    ],
    "InPlanePhaseEncodingDirectionDICOM": "ROW",
    "BidsGuess": [
        "anat",
        "_acq-EFGRE3Dp2_run-10_T1w"
    ],
    "ConversionSoftware": "dcm2niix",
    "ConversionSoftwareVersion": "v1.0.20240202"
}