{
    "Modality": "MR",
    "MagneticFieldStrength": 3,
    "ImagingFrequency": 127.824,
    "Manufacturer": "GE",
    "InternalPulseSequenceName": "EPI",
    "ManufacturersModelName": "DISCOVERY MR750",
    "BodyPartExamined": "HEAD",
    "PatientPosition": "HFS",
    "ProcedureStepDescription": "MRI Brain",
    "SoftwareVersions": "27\\LX\\MR Software release:DV26.0_R03_1831.b",
    "MRAcquisitionType": "2D",
    "SeriesDescription": "TAU - 2 runs (FMRIF EPI 3mm)",
    "ProtocolName": "FMRIF - Clinical 32Ch Br",
    "ScanningSequence": "EP\\RM",
    "SequenceVariant": "NONE",
    "ScanOptions": "EPI_GEMS\\ACC_GEMS",
    "PulseSequenceName": "epiRTnih",
    "ImageType": [
        "ORIGINAL",
        "PRIMARY",
        "EPI",
        "NONE"
    ],
    "SeriesNumber": 14,
    "AcquisitionTime": "18:30:36",
    "AcquisitionNumber": 1,
    "SliceThickness": 3,
    "SpacingBetweenSlices": 3,
    "SAR": 0.0579486,
    "EchoTime": 0.025,
    "RepetitionTime": 2.3,
    "FlipAngle": 50,
    "PhaseEncodingPolarityGE": "Flipped",
    "ShimSetting": [
        0,
        -2,
        -19
    ],
    "PrescanReuseString": "TG/s8,RN/s1",
    "CoilString": "32Ch Head",
    "PercentPhaseFOV": 100,
    "PercentSampling": 100,
    "AcquisitionMatrixPE": 96,
    "ReconMatrixPE": 96,
    "ParallelReductionFactorInPlane": 2,
    "EffectiveEchoSpacing": 0.0002632,
    "TotalReadoutTime": 0.025004,
    "PixelBandwidth": 5208.33,
    "PhaseEncodingDirection": "j",
    "SliceTiming": [
        0,
        1.15,
        0.0547619,
        1.20476,
        0.109524,
        1.25952,
        0.164286,
        1.31429,
        0.219048,
        1.36905,
        0.27381,
        1.42381,
        0.328571,
        1.47857,
        0.383333,
        1.53333,
        0.438095,
        1.5881,
        0.492857,
        1.64286,
        0.547619,
        1.69762,
        0.602381,
        1.75238,
        0.657143,
        1.80714,
        0.711905,
        1.8619,
        0.766667,
        1.91667,
        0.821429,
        1.97143,
        0.87619,
        2.02619,
        0.930952,
        2.08095,
        0.985714,
        2.13571,
        1.04048,
        2.19048,
        1.09524,
        2.24524
    ],
    "ImageOrientationPatientDICOM": [
        1,
        0,
        0,
        0,
        1,
        0
    ],
    "InPlanePhaseEncodingDirectionDICOM": "COL",
    "ConversionSoftware": "dcm2niix",
    "ConversionSoftwareVersion": "v1.0.20220720"
}