{
    "Modality": "MR",
    "MagneticFieldStrength": 3,
    "ImagingFrequency": 127.824,
    "Manufacturer": "GE",
    "PulseSequenceName": "fse-xl",
    "ManufacturersModelName": "DISCOVERY MR750",
    "BodyPartExamined": "BRAIN",
    "PatientPosition": "HFS",
    "ProcedureStepDescription": "MRI Procedure Limited",
    "SoftwareVersions": "27\\LX\\MR Software release:DV26.0_R03_1831.b",
    "MRAcquisitionType": "2D",
    "SeriesDescription": "T2_1.7mm_fat_sat",
    "ProtocolName": "[XT-ID:01-M-0192] MAP-3P",
    "ScanningSequence": "SE",
    "SequenceVariant": "SK",
    "ScanOptions": "FAST_GEMS\\SAT_GEMS\\TRF_GEMS\\FS\\FSA_GEMS",
    "ImageType": [
        "ORIGINAL",
        "PRIMARY",
        "OTHER"
    ],
    "SeriesNumber": 18,
    "AcquisitionTime": "13:34:06",
    "AcquisitionNumber": 1,
    "SliceThickness": 1.7,
    "SpacingBetweenSlices": 1.7,
    "SAR": 0.8968,
    "EchoTime": 0.099064,
    "RepetitionTime": 7,
    "FlipAngle": 111,
    "CoilString": "32Ch Head",
    "PercentPhaseFOV": 80,
    "PercentSampling": 100,
    "EchoTrainLength": 16,
    "AcquisitionMatrixPE": 192,
    "ReconMatrixPE": 256,
    "PixelBandwidth": 488.281,
    "PhaseEncodingAxis": "i",
    "ImageOrientationPatientDICOM": [
        1,
        0,
        0,
        0,
        1,
        0
    ],
    "InPlanePhaseEncodingDirectionDICOM": "ROW",
    "ConversionSoftware": "dcm2niix",
    "ConversionSoftwareVersion": "v1.0.20220505"
}