{
    "Modality": "MR",
    "MagneticFieldStrength": 3,
    "ImagingFrequency": 127.824,
    "Manufacturer": "GE",
    "ManufacturersModelName": "DISCOVERY MR750",
    "BodyPartExamined": "BRAIN",
    "PatientPosition": "HFS",
    "ProcedureStepDescription": "MRI Procedure Limited",
    "SoftwareVersions": "27\\LX\\MR Software release:DV26.0_R03_1831.b",
    "MRAcquisitionType": "3D",
    "SeriesDescription": "MAP_ME Rest3+TAU2 (2016.",
    "ProtocolName": "anat_t1w_mp_rage_1mm",
    "ScanningSequence": "RM",
    "SequenceVariant": "NONE",
    "ScanOptions": "EDR_GEMS\\FILTERED_GEMS\\ACC_GEMS\\IR_GEMS",
    "ImageType": [
        "ORIGINAL",
        "PRIMARY",
        "OTHER"
    ],
    "SeriesNumber": 16,
    "AcquisitionNumber": 1,
    "ConvolutionKernel": "sr/bin/pigz",
    "SliceThickness": 1,
    "SpacingBetweenSlices": 1,
    "SAR": 0.073093,
    "EchoTime": 0.003476,
    "RepetitionTime": 0.00766,
    "InversionTime": 0.9,
    "FlipAngle": 7,
    "CoilString": "32Ch Head",
    "PercentPhaseFOV": 100,
    "PercentSampling": 100,
    "AcquisitionMatrixPE": 256,
    "ReconMatrixPE": 256,
    "ParallelReductionFactorInPlane": 2,
    "PixelBandwidth": 195.312,
    "ImageOrientationPatientDICOM": [
        0,
        1,
        0,
        0,
        0,
        -1
    ],
    "InPlanePhaseEncodingDirectionDICOM": "ROW",
    "ConversionSoftware": "dcm2niix",
    "ConversionSoftwareVersion": "v1.0.20210112",
    "AcquisitionTime": "14:58:04"
}